GEM
  remote: https://rubygems.org/
  specs:
    puma (3.12.0)
    rack (2.0.6)
    rake (12.3.2)

PLATFORMS
  ruby

DEPENDENCIES
  puma
  rack
  rake

RUBY VERSION
   ruby 2.5.3p105

BUNDLED WITH
   1.17.2
